PATH
  remote: .
  specs:
    faraday-restrict-ip-addresses (0.1.3)
      faraday (>= 0.9.0)

GEM
  remote: https://rubygems.org/
  specs:
    coderay (1.1.0)
    diff-lcs (1.2.5)
    faraday (0.15.2)
      multipart-post (>= 1.2, < 3)
    metaclass (0.0.2)
    method_source (0.8.2)
    mocha (1.0.0)
      metaclass (~> 0.0.1)
    multipart-post (2.0.0)
    pry (0.9.12.4)
      coderay (~> 1.0)
      method_source (~> 0.8)
      slop (~> 3.4)
    rspec (2.14.1)
      rspec-core (~> 2.14.0)
      rspec-expectations (~> 2.14.0)
      rspec-mocks (~> 2.14.0)
    rspec-core (2.14.7)
    rspec-expectations (2.14.4)
      diff-lcs (>= 1.1.3, < 2.0)
    rspec-mocks (2.14.4)
    slop (3.4.7)

PLATFORMS
  ruby

DEPENDENCIES
  bundler (~> 1.0)
  faraday-restrict-ip-addresses!
  mocha
  pry
  rspec

BUNDLED WITH
   1.16.1
